GIT
  remote: git://github.com/MrZYX/cinch.git
  revision: 12d71417e6b0e000b6961a0ab59943e3eac3c2d3
  branch: name_threads
  specs:
    cinch (2.0.3)

GIT
  remote: https://github.com/MrZYX/feedtosis
  revision: 13c0d870516e1439658d167b403679dce76b8fd6
  specs:
    feedtosis (0.0.3.6)
      curb
      feed-normalizer
      http_headers
      moneta

GEM
  remote: https://rubygems.org/
  specs:
    cinch-downforeveryone (1.0.2)
      cinch (~> 2.0)
      mechanize
    cinch-fortune (0.0.1)
      cinch
      fortune_gem
    cinch-identify (1.2.0)
      cinch (~> 2.0)
    cinch-title (0.3.1)
      cinch
      curb
      nokogiri
    columnize (0.3.6)
    curb (0.8.0)
    debugger (1.1.3)
      columnize (>= 0.3.1)
      debugger-linecache (~> 1.1.1)
      debugger-ruby_core_source (~> 1.1.2)
    debugger-linecache (1.1.1)
      debugger-ruby_core_source (>= 1.1.1)
    debugger-ruby_core_source (1.1.2)
    domain_name (0.5.3)
      unf (~> 0.0.3)
    feed-normalizer (1.5.2)
      hpricot (>= 0.6)
      simple-rss (>= 1.1)
    fortune_gem (0.0.5)
    hpricot (0.8.6)
    htmlentities (4.3.1)
    http_headers (0.0.2.3)
    mechanize (2.4)
      domain_name (~> 0.5, >= 0.5.1)
      mime-types (~> 1.17, >= 1.17.2)
      net-http-digest_auth (~> 1.1, >= 1.1.1)
      net-http-persistent (~> 2.5, >= 2.5.2)
      nokogiri (~> 1.4)
      ntlm-http (~> 0.1, >= 0.1.1)
      webrobots (~> 0.0, >= 0.0.9)
    mime-types (1.18)
    modalsettings (1.0.0)
      modalsupport (>= 0.8.1)
    modalsupport (0.8.3)
    moneta (0.6.0)
    net-http-digest_auth (1.2)
    net-http-persistent (2.6)
    nokogiri (1.5.2)
    ntlm-http (0.1.1)
    simple-rss (1.2.3)
    unf (0.0.5)
      unf_ext
    unf_ext (0.0.4)
    webrobots (0.0.13)

PLATFORMS
  ruby

DEPENDENCIES
  cinch!
  cinch-downforeveryone (~> 1.0)
  cinch-fortune
  cinch-identify (~> 1.2)
  cinch-title (~> 0.3)
  debugger
  feedtosis!
  htmlentities (~> 4.3)
  modalsettings (~> 1.0)
  nokogiri (~> 1.5.2)
