GIT
  remote: git://github.com/MrZYX/feedtosis.git
  revision: 13c0d870516e1439658d167b403679dce76b8fd6
  specs:
    feedtosis (0.0.3.6)
      curb
      feed-normalizer
      http_headers
      moneta

GEM
  remote: https://rubygems.org/
  specs:
    cinch (2.0.7)
    cinch-downforeveryone (1.0.2)
      cinch (~> 2.0)
      mechanize
    cinch-fortune (0.0.1)
      cinch
      fortune_gem
    cinch-identify (1.4.1)
      cinch (~> 2.0)
    cinch-title (0.3.1)
      cinch
      curb
      nokogiri
    curb (0.8.4)
    domain_name (0.5.12)
      unf (>= 0.0.5, < 1.0.0)
    feed-normalizer (1.5.2)
      hpricot (>= 0.6)
      simple-rss (>= 1.1)
    fortune_gem (0.0.6)
    hpricot (0.8.6)
    htmlentities (4.3.1)
    http-cookie (1.0.1)
      domain_name (~> 0.5)
    http_headers (0.0.2.3)
    mechanize (2.7.2)
      domain_name (~> 0.5, >= 0.5.1)
      http-cookie (~> 1.0.0)
      mime-types (~> 1.17, >= 1.17.2)
      net-http-digest_auth (~> 1.1, >= 1.1.1)
      net-http-persistent (~> 2.5, >= 2.5.2)
      nokogiri (~> 1.4)
      ntlm-http (~> 0.1, >= 0.1.1)
      webrobots (>= 0.0.9, < 0.2)
    mime-types (1.24)
    mini_portile (0.5.1)
    modalsettings (1.0.1)
      modalsupport (>= 0.8.1)
    modalsupport (0.9.2)
    moneta (0.7.19)
    net-http-digest_auth (1.4)
    net-http-persistent (2.9)
    nokogiri (1.6.0)
      mini_portile (~> 0.5.0)
    ntlm-http (0.1.1)
    simple-rss (1.2.3)
    unf (0.1.2)
      unf_ext
    unf_ext (0.0.6)
    webrobots (0.1.1)

PLATFORMS
  ruby

DEPENDENCIES
  cinch (~> 2.0)
  cinch-downforeveryone (~> 1.0)
  cinch-fortune
  cinch-identify (~> 1.4)
  cinch-title (~> 0.3)
  feedtosis!
  htmlentities (~> 4.3)
  modalsettings (~> 1.0)
  nokogiri (~> 1.6.0)
